PATH
  remote: .
  specs:
    ruby_onvif_client (0.1.6)
      activesupport
      akami
      em-http-request
      em-http-server
      em_ws_discovery

GEM
  remote: http://rubygems.org/
  specs:
    activesupport (4.2.11.1)
      i18n (~> 0.7)
      minitest (~> 5.1)
      thread_safe (~> 0.3, >= 0.3.4)
      tzinfo (~> 1.1)
    addressable (2.4.0)
    akami (1.3.1)
      gyoku (>= 0.4.0)
      nokogiri
    builder (3.2.3)
    concurrent-ruby (1.1.5)
    cookiejar (0.3.3)
    em-http-request (1.1.5)
      addressable (>= 2.3.4)
      cookiejar (!= 0.3.1)
      em-socksify (>= 0.3)
      eventmachine (>= 1.0.3)
      http_parser.rb (>= 0.6.0)
    em-http-server (0.1.8)
      eventmachine
    em-socksify (0.3.2)
      eventmachine (>= 1.0.0.beta.4)
    em_ws_discovery (0.0.2)
      builder
      eventmachine
      log_switch (>= 0.1.4)
      nokogiri
      nori (>= 2.0.0)
      uuid
    eventmachine (1.2.7)
    gyoku (1.3.1)
      builder (>= 2.1.2)
    http_parser.rb (0.6.0)
    i18n (0.9.5)
      concurrent-ruby (~> 1.0)
    log_switch (1.0.0)
    macaddr (1.7.2)
      systemu (~> 2.6.5)
    mini_portile2 (2.1.0)
    minitest (5.12.0)
    nokogiri (1.6.8.1)
      mini_portile2 (~> 2.1.0)
    nori (2.6.0)
    systemu (2.6.5)
    thread_safe (0.3.6)
    tzinfo (1.2.5)
      thread_safe (~> 0.1)
    uuid (2.3.9)
      macaddr (~> 1.0)

PLATFORMS
  ruby

DEPENDENCIES
  ruby_onvif_client!
