PATH
  remote: .
  specs:
    ruby_onvif_client (0.1.6)
      activesupport (~> 3.2)
      akami
      em-http-request
      em-http-server
      em_ws_discovery
      nokogiri (~> 1.9)

GEM
  remote: http://rubygems.org/
  specs:
    activesupport (3.2.22.5)
      i18n (~> 0.6, >= 0.6.4)
      multi_json (~> 1.0)
    addressable (2.7.0)
      public_suffix (>= 2.0.2, < 5.0)
    akami (1.3.1)
      gyoku (>= 0.4.0)
      nokogiri
    builder (3.2.4)
    concurrent-ruby (1.1.8)
    cookiejar (0.3.3)
    em-http-request (1.1.7)
      addressable (>= 2.3.4)
      cookiejar (!= 0.3.1)
      em-socksify (>= 0.3)
      eventmachine (>= 1.0.3)
      http_parser.rb (>= 0.6.0)
    em-http-server (0.1.8)
      eventmachine
    em-socksify (0.3.2)
      eventmachine (>= 1.0.0.beta.4)
    em_ws_discovery (0.0.2)
      builder
      eventmachine
      log_switch (>= 0.1.4)
      nokogiri
      nori (>= 2.0.0)
      uuid
    eventmachine (1.2.7)
    gyoku (1.3.1)
      builder (>= 2.1.2)
    http_parser.rb (0.6.0)
    i18n (0.9.5)
      concurrent-ruby (~> 1.0)
    log_switch (1.0.0)
    macaddr (1.7.2)
      systemu (~> 2.6.5)
    mini_portile2 (2.5.1)
    multi_json (1.15.0)
    nokogiri (1.11.5)
      mini_portile2 (~> 2.5.0)
      racc (~> 1.4)
    nori (2.6.0)
    public_suffix (4.0.6)
    racc (1.5.2)
    systemu (2.6.5)
    uuid (2.3.9)
      macaddr (~> 1.0)

PLATFORMS
  ruby

DEPENDENCIES
  ruby_onvif_client!
